GEM
  remote: http://rubygems.org/
  specs:
    addressable (2.2.6)
    charlock_holmes (0.7.6)
    diff-lcs (1.3)
    directory_watcher (1.4.1)
    engineyard (1.4.0)
      engineyard-serverside-adapter (= 1.5.0)
      escape (~> 0.0.4)
      highline (~> 1.6.1)
      json_pure
      launchy (= 2.0.5)
      net-ssh (~> 2.1.0)
      rest-client (~> 1.6.0)
      thor (~> 0.14.6)
    engineyard-serverside-adapter (1.5.0)
      escape (~> 0.0.4)
      json_pure
    escape (0.0.4)
    gemojione (3.3.0)
      json
    github-markup (1.7.0)
    gitlab-grit (2.8.2)
      charlock_holmes (~> 0.6)
      diff-lcs (~> 1.1)
      mime-types (>= 1.16)
      posix-spawn (~> 0.3)
    gollum (4.0.1)
      gollum-lib (~> 4.0, >= 4.0.1)
      kramdown (~> 1.8.0)
      mustache (>= 0.99.5, < 1.0.0)
      sinatra (~> 1.4, >= 1.4.4)
      useragent (~> 0.14.0)
    gollum-grit_adapter (1.0.1)
      gitlab-grit (~> 2.7, >= 2.7.1)
    gollum-lib (4.2.10)
      gemojione (~> 3.2)
      github-markup (~> 1.6)
      gollum-grit_adapter (~> 1.0)
      nokogiri (>= 1.6.1, < 2.0)
      rouge (~> 2.1)
      sanitize (~> 2.1.1, >= 2.1.1)
      stringex (~> 2.6)
      twitter-text (= 1.14.7)
    gollum-site (0.1.10)
      directory_watcher
      gollum (>= 1.2.0)
      liquid (>= 2.2.2)
      mixlib-log (>= 1.1.0)
    highline (1.6.2)
    json (2.2.0)
    json_pure (1.6.1)
    kramdown (1.8.0)
    launchy (2.0.5)
      addressable (~> 2.2.6)
    liquid (2.2.2)
    mime-types (3.3)
      mime-types-data (~> 3.2015)
    mime-types-data (3.2019.1009)
    mini_portile2 (2.4.0)
    mixlib-log (1.3.0)
    mustache (0.99.8)
    net-ssh (2.1.4)
    nokogiri (1.10.4)
      mini_portile2 (~> 2.4.0)
    posix-spawn (0.3.13)
    pygmentize (0.0.3)
    rack (1.6.11)
    rack-protection (1.5.5)
      rack
    rake (0.9.2)
    rdiscount (1.6.8)
    rest-client (1.6.7)
      mime-types (>= 1.16)
    rouge (2.2.1)
    sanitize (2.1.1)
      nokogiri (>= 1.4.4)
    sinatra (1.4.8)
      rack (~> 1.5)
      rack-protection (~> 1.4)
      tilt (>= 1.3, < 3)
    stringex (2.8.5)
    thor (0.14.6)
    tilt (2.0.10)
    twitter-text (1.14.7)
      unf (~> 0.1.0)
    unf (0.1.4)
      unf_ext
    unf_ext (0.0.7.6)
    useragent (0.14.0)

PLATFORMS
  ruby

DEPENDENCIES
  bundler (~> 1.0.12)
  directory_watcher
  engineyard
  gollum (= 4.0.1)
  gollum-site
  pygmentize
  rake
  rdiscount
